GEM
  remote: http://rubygems.org/
  specs:
    Ascii85 (1.0.1)
    actionmailer (2.3.14)
      actionpack (= 2.3.14)
    actionpack (2.3.14)
      activesupport (= 2.3.14)
      rack (~> 1.1.0)
    activerecord (2.3.14)
      activesupport (= 2.3.14)
    activeresource (2.3.14)
      activesupport (= 2.3.14)
    activesupport (2.3.14)
    coderay (0.9.8)
    columnize (0.3.5)
    declarative_authorization (0.5.5)
    fastercsv (1.5.4)
    i18n (0.4.2)
    linecache (0.46)
      rbx-require-relative (> 0.0.4)
    method_source (0.6.7)
      ruby_parser (>= 2.3.1)
    mysql2 (0.2.18)
    pdf-reader (1.0.0)
      Ascii85 (~> 1.0.0)
      ruby-rc4
    prawn (0.12.0)
      pdf-reader (>= 0.9.0)
      ttfunk (~> 1.0.2)
    pry (0.9.7.4)
      coderay (~> 0.9.8)
      method_source (~> 0.6.7)
      ruby_parser (>= 2.3.1)
      slop (~> 2.1.0)
    rack (1.1.3)
    rails (2.3.14)
      actionmailer (= 2.3.14)
      actionpack (= 2.3.14)
      activerecord (= 2.3.14)
      activeresource (= 2.3.14)
      activesupport (= 2.3.14)
      rake (>= 0.8.3)
    rake (0.8.7)
    rbx-require-relative (0.0.5)
    ruby-debug (0.10.4)
      columnize (>= 0.1)
      ruby-debug-base (~> 0.10.4.0)
    ruby-debug-base (0.10.4)
      linecache (>= 0.3)
    ruby-rc4 (0.1.4)
    ruby_parser (2.3.1)
      sexp_processor (~> 3.0)
    searchlogic (2.4.27)
      activerecord (>= 2.0.0)
    sexp_processor (3.0.10)
    slop (2.1.0)
    sqlite3 (1.3.5)
    sqlite3-ruby (1.3.3)
      sqlite3 (>= 1.3.3)
    ttfunk (1.0.3)
    wicked_pdf (0.7.2)

PLATFORMS
  ruby

DEPENDENCIES
  declarative_authorization
  fastercsv
  i18n (= 0.4.2)
  mysql2 (< 0.3)
  prawn
  pry
  rails (= 2.3.14)
  rake (= 0.8.7)
  ruby-debug
  searchlogic (= 2.4.27)
  sqlite3-ruby
  wicked_pdf
